GEM
  remote: https://rubygems.org/
  specs:
    activemodel (4.2.8)
      activesupport (= 4.2.8)
      builder (~> 3.1)
    activerecord (4.2.8)
      activemodel (= 4.2.8)
      activesupport (= 4.2.8)
      arel (~> 6.0)
    activerecord-jdbc-adapter (1.3.22)
      activerecord (>= 2.2)
    activerecord-jdbcmysql-adapter (1.3.22)
      activerecord-jdbc-adapter (~> 1.3.22)
      jdbc-mysql (>= 5.1.22)
    activesupport (4.2.8)
      i18n (~> 0.7)
      minitest (~> 5.1)
      thread_safe (~> 0.3, >= 0.3.4)
      tzinfo (~> 1.1)
    arel (6.0.4)
    aws-partitions (1.5.0)
    aws-sdk (3.0.0.rc3)
      aws-sdk-acm (= 1.0.0.rc1)
      aws-sdk-apigateway (= 1.0.0.rc2)
      aws-sdk-applicationautoscaling (= 1.0.0.rc1)
      aws-sdk-applicationdiscoveryservice (= 1.0.0.rc1)
      aws-sdk-appstream (= 1.0.0.rc2)
      aws-sdk-autoscaling (= 1.0.0.rc1)
      aws-sdk-batch (= 1.0.0.rc1)
      aws-sdk-budgets (= 1.0.0.rc1)
      aws-sdk-cloudformation (= 1.0.0.rc1)
      aws-sdk-cloudfront (= 1.0.0.rc2)
      aws-sdk-cloudhsm (= 1.0.0.rc1)
      aws-sdk-cloudsearch (= 1.0.0.rc1)
      aws-sdk-cloudsearchdomain (= 1.0.0.rc1)
      aws-sdk-cloudtrail (= 1.0.0.rc1)
      aws-sdk-cloudwatch (= 1.0.0.rc1)
      aws-sdk-cloudwatchevents (= 1.0.0.rc1)
      aws-sdk-cloudwatchlogs (= 1.0.0.rc1)
      aws-sdk-codebuild (= 1.0.0.rc2)
      aws-sdk-codecommit (= 1.0.0.rc1)
      aws-sdk-codedeploy (= 1.0.0.rc1)
      aws-sdk-codepipeline (= 1.0.0.rc2)
      aws-sdk-cognitoidentity (= 1.0.0.rc1)
      aws-sdk-cognitoidentityprovider (= 1.0.0.rc1)
      aws-sdk-cognitosync (= 1.0.0.rc1)
      aws-sdk-configservice (= 1.0.0.rc2)
      aws-sdk-databasemigrationservice (= 1.0.0.rc1)
      aws-sdk-datapipeline (= 1.0.0.rc1)
      aws-sdk-devicefarm (= 1.0.0.rc1)
      aws-sdk-directconnect (= 1.0.0.rc2)
      aws-sdk-directoryservice (= 1.0.0.rc1)
      aws-sdk-dynamodb (= 1.0.0.rc1)
      aws-sdk-dynamodbstreams (= 1.0.0.rc1)
      aws-sdk-ec2 (= 1.0.0.rc2)
      aws-sdk-ecr (= 1.0.0.rc1)
      aws-sdk-ecs (= 1.0.0.rc1)
      aws-sdk-efs (= 1.0.0.rc1)
      aws-sdk-elasticache (= 1.0.0.rc1)
      aws-sdk-elasticbeanstalk (= 1.0.0.rc2)
      aws-sdk-elasticloadbalancing (= 1.0.0.rc1)
      aws-sdk-elasticloadbalancingv2 (= 1.0.0.rc1)
      aws-sdk-elasticsearchservice (= 1.0.0.rc1)
      aws-sdk-elastictranscoder (= 1.0.0.rc1)
      aws-sdk-emr (= 1.0.0.rc1)
      aws-sdk-firehose (= 1.0.0.rc1)
      aws-sdk-gamelift (= 1.0.0.rc1)
      aws-sdk-glacier (= 1.0.0.rc1)
      aws-sdk-health (= 1.0.0.rc2)
      aws-sdk-iam (= 1.0.0.rc1)
      aws-sdk-importexport (= 1.0.0.rc1)
      aws-sdk-inspector (= 1.0.0.rc1)
      aws-sdk-iot (= 1.0.0.rc1)
      aws-sdk-iotdataplane (= 1.0.0.rc1)
      aws-sdk-kinesis (= 1.0.0.rc1)
      aws-sdk-kinesisanalytics (= 1.0.0.rc1)
      aws-sdk-kms (= 1.0.0.rc1)
      aws-sdk-lambda (= 1.0.0.rc2)
      aws-sdk-lambdapreview (= 1.0.0.rc1)
      aws-sdk-lightsail (= 1.0.0.rc2)
      aws-sdk-machinelearning (= 1.0.0.rc1)
      aws-sdk-marketplacecommerceanalytics (= 1.0.0.rc1)
      aws-sdk-marketplacemetering (= 1.0.0.rc1)
      aws-sdk-opsworks (= 1.0.0.rc1)
      aws-sdk-opsworkscm (= 1.0.0.rc2)
      aws-sdk-pinpoint (= 1.0.0.rc2)
      aws-sdk-polly (= 1.0.0.rc2)
      aws-sdk-rds (= 1.0.0.rc2)
      aws-sdk-redshift (= 1.0.0.rc1)
      aws-sdk-rekognition (= 1.0.0.rc2)
      aws-sdk-route53 (= 1.0.0.rc1)
      aws-sdk-route53domains (= 1.0.0.rc1)
      aws-sdk-s3 (= 1.0.0.rc2)
      aws-sdk-servicecatalog (= 1.0.0.rc1)
      aws-sdk-ses (= 1.0.0.rc1)
      aws-sdk-sfn (= 1.0.0.rc2)
      aws-sdk-shield (= 1.0.0.rc2)
      aws-sdk-simpledb (= 1.0.0.rc1)
      aws-sdk-sms (= 1.0.0.rc1)
      aws-sdk-snowball (= 1.0.0.rc2)
      aws-sdk-sns (= 1.0.0.rc1)
      aws-sdk-sqs (= 1.0.0.rc2)
      aws-sdk-ssm (= 1.0.0.rc2)
      aws-sdk-storagegateway (= 1.0.0.rc1)
      aws-sdk-support (= 1.0.0.rc1)
      aws-sdk-swf (= 1.0.0.rc1)
      aws-sdk-waf (= 1.0.0.rc2)
      aws-sdk-wafregional (= 1.0.0.rc2)
      aws-sdk-workspaces (= 1.0.0.rc1)
      aws-sdk-xray (= 1.0.0.rc2)
    aws-sdk-acm (1.0.0.rc1)
      aws-sdk-core (= 3.0.0.rc1)
      aws-sigv4 (~> 1.0)
    aws-sdk-apigateway (1.0.0.rc2)
      aws-sdk-core (= 3.0.0.rc1)
      aws-sigv4 (~> 1.0)
    aws-sdk-applicationautoscaling (1.0.0.rc1)
      aws-sdk-core (= 3.0.0.rc1)
      aws-sigv4 (~> 1.0)
    aws-sdk-applicationdiscoveryservice (1.0.0.rc1)
      aws-sdk-core (= 3.0.0.rc1)
      aws-sigv4 (~> 1.0)
    aws-sdk-appstream (1.0.0.rc2)
      aws-sdk-core (= 3.0.0.rc1)
      aws-sigv4 (~> 1.0)
    aws-sdk-autoscaling (1.0.0.rc1)
      aws-sdk-core (= 3.0.0.rc1)
      aws-sigv4 (~> 1.0)
    aws-sdk-batch (1.0.0.rc1)
      aws-sdk-core (= 3.0.0.rc1)
      aws-sigv4 (~> 1.0)
    aws-sdk-budgets (1.0.0.rc1)
      aws-sdk-core (= 3.0.0.rc1)
      aws-sigv4 (~> 1.0)
    aws-sdk-cloudformation (1.0.0.rc1)
      aws-sdk-core (= 3.0.0.rc1)
      aws-sigv4 (~> 1.0)
    aws-sdk-cloudfront (1.0.0.rc2)
      aws-sdk-core (= 3.0.0.rc1)
      aws-sigv4 (~> 1.0)
    aws-sdk-cloudhsm (1.0.0.rc1)
      aws-sdk-core (= 3.0.0.rc1)
      aws-sigv4 (~> 1.0)
    aws-sdk-cloudsearch (1.0.0.rc1)
      aws-sdk-core (= 3.0.0.rc1)
      aws-sigv4 (~> 1.0)
    aws-sdk-cloudsearchdomain (1.0.0.rc1)
      aws-sdk-core (= 3.0.0.rc1)
      aws-sigv4 (~> 1.0)
    aws-sdk-cloudtrail (1.0.0.rc1)
      aws-sdk-core (= 3.0.0.rc1)
      aws-sigv4 (~> 1.0)
    aws-sdk-cloudwatch (1.0.0.rc1)
      aws-sdk-core (= 3.0.0.rc1)
      aws-sigv4 (~> 1.0)
    aws-sdk-cloudwatchevents (1.0.0.rc1)
      aws-sdk-core (= 3.0.0.rc1)
      aws-sigv4 (~> 1.0)
    aws-sdk-cloudwatchlogs (1.0.0.rc1)
      aws-sdk-core (= 3.0.0.rc1)
      aws-sigv4 (~> 1.0)
    aws-sdk-codebuild (1.0.0.rc2)
      aws-sdk-core (= 3.0.0.rc1)
      aws-sigv4 (~> 1.0)
    aws-sdk-codecommit (1.0.0.rc1)
      aws-sdk-core (= 3.0.0.rc1)
      aws-sigv4 (~> 1.0)
    aws-sdk-codedeploy (1.0.0.rc1)
      aws-sdk-core (= 3.0.0.rc1)
      aws-sigv4 (~> 1.0)
    aws-sdk-codepipeline (1.0.0.rc2)
      aws-sdk-core (= 3.0.0.rc1)
      aws-sigv4 (~> 1.0)
    aws-sdk-cognitoidentity (1.0.0.rc1)
      aws-sdk-core (= 3.0.0.rc1)
      aws-sigv4 (~> 1.0)
    aws-sdk-cognitoidentityprovider (1.0.0.rc1)
      aws-sdk-core (= 3.0.0.rc1)
      aws-sigv4 (~> 1.0)
    aws-sdk-cognitosync (1.0.0.rc1)
      aws-sdk-core (= 3.0.0.rc1)
      aws-sigv4 (~> 1.0)
    aws-sdk-configservice (1.0.0.rc2)
      aws-sdk-core (= 3.0.0.rc1)
      aws-sigv4 (~> 1.0)
    aws-sdk-core (3.0.0.rc1)
      aws-partitions (~> 1.0)
      aws-sigv4 (~> 1.0)
      jmespath (~> 1.0)
    aws-sdk-databasemigrationservice (1.0.0.rc1)
      aws-sdk-core (= 3.0.0.rc1)
      aws-sigv4 (~> 1.0)
    aws-sdk-datapipeline (1.0.0.rc1)
      aws-sdk-core (= 3.0.0.rc1)
      aws-sigv4 (~> 1.0)
    aws-sdk-devicefarm (1.0.0.rc1)
      aws-sdk-core (= 3.0.0.rc1)
      aws-sigv4 (~> 1.0)
    aws-sdk-directconnect (1.0.0.rc2)
      aws-sdk-core (= 3.0.0.rc1)
      aws-sigv4 (~> 1.0)
    aws-sdk-directoryservice (1.0.0.rc1)
      aws-sdk-core (= 3.0.0.rc1)
      aws-sigv4 (~> 1.0)
    aws-sdk-dynamodb (1.0.0.rc1)
      aws-sdk-core (= 3.0.0.rc1)
      aws-sigv4 (~> 1.0)
    aws-sdk-dynamodbstreams (1.0.0.rc1)
      aws-sdk-core (= 3.0.0.rc1)
      aws-sigv4 (~> 1.0)
    aws-sdk-ec2 (1.0.0.rc2)
      aws-sdk-core (= 3.0.0.rc1)
      aws-sigv4 (~> 1.0)
    aws-sdk-ecr (1.0.0.rc1)
      aws-sdk-core (= 3.0.0.rc1)
      aws-sigv4 (~> 1.0)
    aws-sdk-ecs (1.0.0.rc1)
      aws-sdk-core (= 3.0.0.rc1)
      aws-sigv4 (~> 1.0)
    aws-sdk-efs (1.0.0.rc1)
      aws-sdk-core (= 3.0.0.rc1)
      aws-sigv4 (~> 1.0)
    aws-sdk-elasticache (1.0.0.rc1)
      aws-sdk-core (= 3.0.0.rc1)
      aws-sigv4 (~> 1.0)
    aws-sdk-elasticbeanstalk (1.0.0.rc2)
      aws-sdk-core (= 3.0.0.rc1)
      aws-sigv4 (~> 1.0)
    aws-sdk-elasticloadbalancing (1.0.0.rc1)
      aws-sdk-core (= 3.0.0.rc1)
      aws-sigv4 (~> 1.0)
    aws-sdk-elasticloadbalancingv2 (1.0.0.rc1)
      aws-sdk-core (= 3.0.0.rc1)
      aws-sigv4 (~> 1.0)
    aws-sdk-elasticsearchservice (1.0.0.rc1)
      aws-sdk-core (= 3.0.0.rc1)
      aws-sigv4 (~> 1.0)
    aws-sdk-elastictranscoder (1.0.0.rc1)
      aws-sdk-core (= 3.0.0.rc1)
      aws-sigv4 (~> 1.0)
    aws-sdk-emr (1.0.0.rc1)
      aws-sdk-core (= 3.0.0.rc1)
      aws-sigv4 (~> 1.0)
    aws-sdk-firehose (1.0.0.rc1)
      aws-sdk-core (= 3.0.0.rc1)
      aws-sigv4 (~> 1.0)
    aws-sdk-gamelift (1.0.0.rc1)
      aws-sdk-core (= 3.0.0.rc1)
      aws-sigv4 (~> 1.0)
    aws-sdk-glacier (1.0.0.rc1)
      aws-sdk-core (= 3.0.0.rc1)
      aws-sigv4 (~> 1.0)
    aws-sdk-health (1.0.0.rc2)
      aws-sdk-core (= 3.0.0.rc1)
      aws-sigv4 (~> 1.0)
    aws-sdk-iam (1.0.0.rc1)
      aws-sdk-core (= 3.0.0.rc1)
      aws-sigv4 (~> 1.0)
    aws-sdk-importexport (1.0.0.rc1)
      aws-sdk-core (= 3.0.0.rc1)
      aws-sigv2 (~> 1.0)
    aws-sdk-inspector (1.0.0.rc1)
      aws-sdk-core (= 3.0.0.rc1)
      aws-sigv4 (~> 1.0)
    aws-sdk-iot (1.0.0.rc1)
      aws-sdk-core (= 3.0.0.rc1)
      aws-sigv4 (~> 1.0)
    aws-sdk-iotdataplane (1.0.0.rc1)
      aws-sdk-core (= 3.0.0.rc1)
      aws-sigv4 (~> 1.0)
    aws-sdk-kinesis (1.0.0.rc1)
      aws-sdk-core (= 3.0.0.rc1)
      aws-sigv4 (~> 1.0)
    aws-sdk-kinesisanalytics (1.0.0.rc1)
      aws-sdk-core (= 3.0.0.rc1)
      aws-sigv4 (~> 1.0)
    aws-sdk-kms (1.0.0.rc1)
      aws-sdk-core (= 3.0.0.rc1)
      aws-sigv4 (~> 1.0)
    aws-sdk-lambda (1.0.0.rc2)
      aws-sdk-core (= 3.0.0.rc1)
      aws-sigv4 (~> 1.0)
    aws-sdk-lambdapreview (1.0.0.rc1)
      aws-sdk-core (= 3.0.0.rc1)
      aws-sigv4 (~> 1.0)
    aws-sdk-lightsail (1.0.0.rc2)
      aws-sdk-core (= 3.0.0.rc1)
      aws-sigv4 (~> 1.0)
    aws-sdk-machinelearning (1.0.0.rc1)
      aws-sdk-core (= 3.0.0.rc1)
      aws-sigv4 (~> 1.0)
    aws-sdk-marketplacecommerceanalytics (1.0.0.rc1)
      aws-sdk-core (= 3.0.0.rc1)
      aws-sigv4 (~> 1.0)
    aws-sdk-marketplacemetering (1.0.0.rc1)
      aws-sdk-core (= 3.0.0.rc1)
      aws-sigv4 (~> 1.0)
    aws-sdk-opsworks (1.0.0.rc1)
      aws-sdk-core (= 3.0.0.rc1)
      aws-sigv4 (~> 1.0)
    aws-sdk-opsworkscm (1.0.0.rc2)
      aws-sdk-core (= 3.0.0.rc1)
      aws-sigv4 (~> 1.0)
    aws-sdk-pinpoint (1.0.0.rc2)
      aws-sdk-core (= 3.0.0.rc1)
      aws-sigv4 (~> 1.0)
    aws-sdk-polly (1.0.0.rc2)
      aws-sdk-core (= 3.0.0.rc1)
      aws-sigv4 (~> 1.0)
    aws-sdk-rds (1.0.0.rc2)
      aws-sdk-core (= 3.0.0.rc1)
      aws-sigv4 (~> 1.0)
    aws-sdk-redshift (1.0.0.rc1)
      aws-sdk-core (= 3.0.0.rc1)
      aws-sigv4 (~> 1.0)
    aws-sdk-rekognition (1.0.0.rc2)
      aws-sdk-core (= 3.0.0.rc1)
      aws-sigv4 (~> 1.0)
    aws-sdk-route53 (1.0.0.rc1)
      aws-sdk-core (= 3.0.0.rc1)
      aws-sigv4 (~> 1.0)
    aws-sdk-route53domains (1.0.0.rc1)
      aws-sdk-core (= 3.0.0.rc1)
      aws-sigv4 (~> 1.0)
    aws-sdk-s3 (1.0.0.rc2)
      aws-sdk-core (= 3.0.0.rc1)
      aws-sdk-kms (= 1.0.0.rc1)
      aws-sigv4 (~> 1.0)
    aws-sdk-servicecatalog (1.0.0.rc1)
      aws-sdk-core (= 3.0.0.rc1)
      aws-sigv4 (~> 1.0)
    aws-sdk-ses (1.0.0.rc1)
      aws-sdk-core (= 3.0.0.rc1)
      aws-sigv4 (~> 1.0)
    aws-sdk-sfn (1.0.0.rc2)
      aws-sdk-core (= 3.0.0.rc1)
      aws-sigv4 (~> 1.0)
    aws-sdk-shield (1.0.0.rc2)
      aws-sdk-core (= 3.0.0.rc1)
      aws-sigv4 (~> 1.0)
    aws-sdk-simpledb (1.0.0.rc1)
      aws-sdk-core (= 3.0.0.rc1)
      aws-sigv2 (~> 1.0)
    aws-sdk-sms (1.0.0.rc1)
      aws-sdk-core (= 3.0.0.rc1)
      aws-sigv4 (~> 1.0)
    aws-sdk-snowball (1.0.0.rc2)
      aws-sdk-core (= 3.0.0.rc1)
      aws-sigv4 (~> 1.0)
    aws-sdk-sns (1.0.0.rc1)
      aws-sdk-core (= 3.0.0.rc1)
      aws-sigv4 (~> 1.0)
    aws-sdk-sqs (1.0.0.rc2)
      aws-sdk-core (= 3.0.0.rc1)
      aws-sigv4 (~> 1.0)
    aws-sdk-ssm (1.0.0.rc2)
      aws-sdk-core (= 3.0.0.rc1)
      aws-sigv4 (~> 1.0)
    aws-sdk-storagegateway (1.0.0.rc1)
      aws-sdk-core (= 3.0.0.rc1)
      aws-sigv4 (~> 1.0)
    aws-sdk-support (1.0.0.rc1)
      aws-sdk-core (= 3.0.0.rc1)
      aws-sigv4 (~> 1.0)
    aws-sdk-swf (1.0.0.rc1)
      aws-sdk-core (= 3.0.0.rc1)
      aws-sigv4 (~> 1.0)
    aws-sdk-v1 (1.67.0)
      json (~> 1.4)
      nokogiri (~> 1)
    aws-sdk-waf (1.0.0.rc2)
      aws-sdk-core (= 3.0.0.rc1)
      aws-sigv4 (~> 1.0)
    aws-sdk-wafregional (1.0.0.rc2)
      aws-sdk-core (= 3.0.0.rc1)
      aws-sigv4 (~> 1.0)
    aws-sdk-workspaces (1.0.0.rc1)
      aws-sdk-core (= 3.0.0.rc1)
      aws-sigv4 (~> 1.0)
    aws-sdk-xray (1.0.0.rc2)
      aws-sdk-core (= 3.0.0.rc1)
      aws-sigv4 (~> 1.0)
    aws-sigv2 (1.0.0)
    aws-sigv4 (1.0.0)
    builder (3.2.3)
    diff-lcs (1.3)
    domain_name (0.5.20170404)
      unf (>= 0.0.5, < 1.0.0)
    http-cookie (1.0.3)
      domain_name (~> 0.5)
    i18n (0.8.1)
    jdbc-mysql (5.1.40)
    jmespath (1.3.1)
    json (1.8.6-java)
    mime-types (2.99.3)
    minitest (5.10.1)
    netrc (0.11.0)
    nokogiri (1.7.1-java)
    rest-client (1.8.0)
      http-cookie (>= 1.0.2, < 2.0)
      mime-types (>= 1.16, < 3.0)
      netrc (~> 0.7)
    rspec (3.5.0)
      rspec-core (~> 3.5.0)
      rspec-expectations (~> 3.5.0)
      rspec-mocks (~> 3.5.0)
    rspec-core (3.5.4)
      rspec-support (~> 3.5.0)
    rspec-expectations (3.5.0)
      diff-lcs (>= 1.2.0, < 2.0)
      rspec-support (~> 3.5.0)
    rspec-mocks (3.5.0)
      diff-lcs (>= 1.2.0, < 2.0)
      rspec-support (~> 3.5.0)
    rspec-support (3.5.0)
    s3-publisher (2.0.1)
      aws-sdk (>= 2.0)
      mime-types
    tabula-extractor (0.8.0-java)
      trollop (~> 2.0)
    thread_safe (0.3.6-java)
    trollop (2.1.2)
    tzinfo (1.2.3)
      thread_safe (~> 0.1)
    unf (0.1.4-java)
    upton (0.3.5)
      nokogiri (~> 1.6, >= 1.6.6)
      rest-client (~> 1.8, >= 1.8.0)

PLATFORMS
  java

DEPENDENCIES
  activerecord (~> 4.0)
  activerecord-jdbc-adapter (~> 1.3)
  activerecord-jdbcmysql-adapter
  aws-sdk (>= 2.0.6.pre)
  aws-sdk-v1
  rspec
  s3-publisher
  tabula-extractor
  upton

BUNDLED WITH
   1.14.6
