GEM
  remote: https://rubygems.org/
  specs:
    activemodel (4.2.0)
      activesupport (= 4.2.0)
      builder (~> 3.1)
    activerecord (4.2.0)
      activemodel (= 4.2.0)
      activesupport (= 4.2.0)
      arel (~> 6.0)
    activerecord-jdbc-adapter (1.3.13)
      activerecord (>= 2.2)
    activerecord-jdbcmysql-adapter (1.3.13)
      activerecord-jdbc-adapter (~> 1.3.13)
      jdbc-mysql (>= 5.1.22)
    activesupport (4.2.0)
      i18n (~> 0.7)
      json (~> 1.7, >= 1.7.7)
      minitest (~> 5.1)
      thread_safe (~> 0.3, >= 0.3.4)
      tzinfo (~> 1.1)
    arel (6.0.0)
    aws-sdk (2.0.21.pre)
      aws-sdk-resources (= 2.0.21.pre)
    aws-sdk-core (2.0.21)
      builder (~> 3.0)
      jmespath (~> 1.0)
      multi_json (~> 1.0)
      multi_xml (~> 0.5)
    aws-sdk-resources (2.0.21.pre)
      aws-sdk-core (= 2.0.21)
    aws-sdk-v1 (1.61.0)
      json (~> 1.4)
      nokogiri (>= 1.4.4)
    builder (3.2.2)
    diff-lcs (1.2.5)
    i18n (0.7.0)
    jdbc-mysql (5.1.33)
    jmespath (1.0.2)
      multi_json (~> 1.0)
    json (1.8.2-java)
    mime-types (1.25.1)
    minitest (5.5.0)
    multi_json (1.10.1)
    multi_xml (0.5.5)
    nokogiri (1.6.6.2-java)
    rdoc (4.2.0)
      json (~> 1.4)
    rest-client (1.6.8)
      mime-types (~> 1.16)
      rdoc (>= 2.4.2)
    rspec (3.1.0)
      rspec-core (~> 3.1.0)
      rspec-expectations (~> 3.1.0)
      rspec-mocks (~> 3.1.0)
    rspec-core (3.1.7)
      rspec-support (~> 3.1.0)
    rspec-expectations (3.1.2)
      diff-lcs (>= 1.2.0, < 2.0)
      rspec-support (~> 3.1.0)
    rspec-mocks (3.1.3)
      rspec-support (~> 3.1.0)
    rspec-support (3.1.2)
    s3-publisher (0.9.2)
      aws-sdk (>= 1.0)
      mime-types
    tabula-extractor (0.7.5-java)
      trollop (~> 2.0)
    thread_safe (0.3.4-java)
    trollop (2.1.1)
    tzinfo (1.2.2)
      thread_safe (~> 0.1)
    upton (0.3.3)
      nokogiri (>= 1.5.1)
      rest-client (~> 1.6.7)

PLATFORMS
  java

DEPENDENCIES
  activerecord
  activerecord-jdbc-adapter (~> 1.3)
  activerecord-jdbcmysql-adapter
  aws-sdk (>= 2.0.6.pre)
  aws-sdk-v1
  rspec
  s3-publisher
  tabula-extractor
  upton
